PATH
  remote: .
  specs:
    json_schemer (0.1.5)
      ecma-re-validator (~> 0.1.2)
      hana (~> 1.3.3)
      uri_template (~> 0.7.0)

GEM
  remote: https://rubygems.org/
  specs:
    ecma-re-validator (0.1.2)
      regexp_parser (~> 0.2)
    hana (1.3.4)
    minitest (5.11.1)
    rake (10.5.0)
    regexp_parser (0.5.0)
    uri_template (0.7.0)

PLATFORMS
  ruby

DEPENDENCIES
  bundler (~> 1.16)
  json_schemer!
  minitest (~> 5.0)
  rake (~> 10.0)

BUNDLED WITH
   1.16.1
