PATH
  remote: .
  specs:
    json_schemer (0.2.1)
      ecma-re-validator (~> 0.2.0)
      hana (~> 1.3.3)
      uri_template (~> 0.7.0)

GEM
  remote: https://rubygems.org/
  specs:
    ecma-re-validator (0.2.0)
      regexp_parser (~> 1.2)
    hana (1.3.5)
    minitest (5.11.3)
    rake (10.5.0)
    regexp_parser (1.5.1)
    uri_template (0.7.0)

PLATFORMS
  ruby

DEPENDENCIES
  bundler (~> 1.16)
  json_schemer!
  minitest (~> 5.0)
  rake (~> 10.0)

BUNDLED WITH
   1.17.2
