PATH
  remote: .
  specs:
    json_schemer (0.2.18)
      ecma-re-validator (~> 0.4)
      hana (~> 1.3)
      regexp_parser (~> 2.2)
      uri_template (~> 0.7)

GEM
  remote: https://rubygems.org/
  specs:
    ecma-re-validator (0.4.0)
      regexp_parser (~> 2.2)
    hana (1.3.7)
    minitest (5.14.3)
    rake (13.0.1)
    regexp_parser (2.1.1)
    uri_template (0.7.0)

PLATFORMS
  ruby

DEPENDENCIES
  bundler (~> 2.0)
  json_schemer!
  minitest (~> 5.0)
  rake (~> 13.0)

BUNDLED WITH
   2.2.11
